GIT
  remote: git://github.com/plexus/asset_packer.git
  revision: 132b1863a50322fdc74bbf94b9b52ba04f5c8e9d
  specs:
    asset_packer (0.1.0)
      hexp (~> 0.4.0.beta1)
      mime-types (~> 2.2)

GIT
  remote: git://github.com/plexus/slippery.git
  revision: fc1c427533a81c75235a1052d8509bf85c5c3f49
  specs:
    slippery (0.3.0)
      asset_packer (~> 0.1.0)
      concord (~> 0.1.4)
      hexp (~> 0.4.0.beta1)
      hexp-kramdown (> 0)
      kramdown (~> 1.1)
      listen (~> 2.7)
      rake (~> 10.1)

GEM
  remote: https://rubygems.org/
  specs:
    adamantium (0.2.0)
      ice_nine (~> 0.11.0)
      memoizable (~> 0.4.0)
    celluloid (0.16.0)
      timers (~> 4.0.0)
    concord (0.1.5)
      adamantium (~> 0.2.0)
      equalizer (~> 0.0.9)
    equalizer (0.0.9)
    ffi (1.9.6)
    hexp (0.4.3)
      concord (~> 0.0)
      equalizer (~> 0.0)
      nokogiri (~> 1.6)
      sass (~> 3.2.19)
    hexp-kramdown (0.9.2)
      hexp (>= 0.3)
      kramdown (>= 1.4)
    hitimes (1.2.2)
    ice_nine (0.11.1)
    kramdown (1.5.0)
    listen (2.8.5)
      celluloid (>= 0.15.2)
      rb-fsevent (>= 0.9.3)
      rb-inotify (>= 0.9)
    memoizable (0.4.2)
      thread_safe (~> 0.3, >= 0.3.1)
    mime-types (2.4.3)
    mini_portile2 (2.8.0)
    nokogiri (1.13.3)
      mini_portile2 (~> 2.8.0)
      racc (~> 1.4)
    racc (1.6.0)
    rake (10.4.2)
    rb-fsevent (0.9.4)
    rb-inotify (0.9.5)
      ffi (>= 0.5.0)
    sass (3.2.19)
    thread_safe (0.3.4)
    timers (4.0.1)
      hitimes

PLATFORMS
  ruby

DEPENDENCIES
  asset_packer!
  slippery!
