GIT
  remote: https://github.com/plexus/asset_packer.git
  revision: 81f939e81f0c7d53cb5f808f8b9ec0956b08aa67
  specs:
    asset_packer (0.3.1)
      hexp (~> 0.4.6)
      mime-types (~> 2.2)

GIT
  remote: https://github.com/plexus/slippery.git
  revision: 0d91ce93b19b8e869daaa6748b66830ca0f43944
  specs:
    slippery (0.4.1)
      asset_packer (~> 0.3.0)
      concord (~> 0.1.4)
      hexp (~> 0.4.6)
      hexp-kramdown (> 0)
      kramdown (~> 1.1)
      listen (~> 3.0)
      rake (~> 10.1)

GEM
  remote: https://rubygems.org/
  specs:
    adamantium (0.2.0)
      ice_nine (~> 0.11.0)
      memoizable (~> 0.4.0)
    concord (0.1.6)
      adamantium (~> 0.2.0)
      equalizer (~> 0.0.9)
    equalizer (0.0.11)
    ffi (1.15.5)
    hexp (0.4.6)
      concord (~> 0.0)
      equalizer (~> 0.0)
      nokogiri (~> 1.6)
    hexp-kramdown (0.9.2)
      hexp (>= 0.3)
      kramdown (>= 1.4)
    ice_nine (0.11.2)
    kramdown (1.17.0)
    listen (3.7.1)
      rb-fsevent (~> 0.10, >= 0.10.3)
      rb-inotify (~> 0.9, >= 0.9.10)
    memoizable (0.4.2)
      thread_safe (~> 0.3, >= 0.3.1)
    mime-types (2.99.3)
    mini_portile2 (2.8.0)
    nokogiri (1.13.9)
      mini_portile2 (~> 2.8.0)
      racc (~> 1.4)
    racc (1.6.0)
    rake (10.5.0)
    rb-fsevent (0.11.2)
    rb-inotify (0.10.1)
      ffi (~> 1.0)
    thread_safe (0.3.6)

PLATFORMS
  ruby

DEPENDENCIES
  asset_packer!
  slippery!
