PATH
  remote: /home/arne/github/asset_packer
  specs:
    asset_packer (0.1.0)
      hexp (~> 0.3.3)
      mime-types (~> 2.2)

PATH
  remote: /home/arne/github/slippery
  specs:
    slippery (0.3.0)
      asset_packer (~> 0.1.0)
      concord (~> 0.1.4)
      hexp (~> 0.3.3)
      kramdown (~> 1.1)
      listen (~> 2.7)
      rake (~> 10.1)

GEM
  remote: https://rubygems.org/
  specs:
    adamantium (0.2.0)
      ice_nine (~> 0.11.0)
      memoizable (~> 0.4.0)
    celluloid (0.15.2)
      timers (~> 1.1.0)
    celluloid-io (0.15.0)
      celluloid (>= 0.15.0)
      nio4r (>= 0.5.0)
    coderay (1.1.0)
    concord (0.1.5)
      adamantium (~> 0.2.0)
      equalizer (~> 0.0.9)
    equalizer (0.0.9)
    ffi (1.9.3)
    hexp (0.3.3)
      equalizer (~> 0.0)
      ice_nine (~> 0.9)
      nokogiri (~> 1.6)
      sass (~> 3.2.19)
    ice_nine (0.11.0)
    kramdown (1.3.3)
    listen (2.7.1)
      celluloid (>= 0.15.2)
      celluloid-io (>= 0.15.0)
      rb-fsevent (>= 0.9.3)
      rb-inotify (>= 0.9)
    memoizable (0.4.2)
      thread_safe (~> 0.3, >= 0.3.1)
    method_source (0.8.2)
    mime-types (2.2)
    mini_portile (0.5.3)
    nio4r (1.0.0)
    nokogiri (1.6.1)
      mini_portile (~> 0.5.0)
    pry (0.9.12.6)
      coderay (~> 1.0)
      method_source (~> 0.8)
      slop (~> 3.4)
    rake (10.3.1)
    rb-fsevent (0.9.4)
    rb-inotify (0.9.3)
      ffi (>= 0.5.0)
    sass (3.2.19)
    slop (3.5.0)
    thread_safe (0.3.3)
    timers (1.1.0)

PLATFORMS
  ruby

DEPENDENCIES
  asset_packer!
  pry
  slippery!
