GIT
  remote: git://github.com/tmm1/perftools.rb.git
  revision: f3d0c5c6c8f997d24764c0aa98100adb60416006
  specs:
    perftools.rb (2.0.1)

PATH
  remote: /home/arne/github/hexp
  specs:
    hexp (0.2.0)
      equalizer (~> 0.0)
      ice_nine (~> 0.8)
      nokogiri (~> 1.6)
      sass (~> 3.2)

PATH
  remote: /home/arne/github/hexpress
  specs:
    hexpress (0.0.1)
      hexp (~> 0.0)
      kramdown (~> 1.1)

PATH
  remote: /home/arne/github/kramdown
  specs:
    kramdown (1.1.0)

GEM
  remote: https://rubygems.org/
  specs:
    equalizer (0.0.7)
    ffi (1.9.0)
    ice_nine (0.10.0)
    mini_portile (0.5.1)
    nokogiri (1.6.0)
      mini_portile (~> 0.5.0)
    rake (10.1.0)
    rb-inotify (0.9.2)
      ffi (>= 0.5.0)
    ruby-prof (0.13.0)
    sass (3.2.11)

PLATFORMS
  ruby

DEPENDENCIES
  hexp!
  hexpress!
  kramdown!
  perftools.rb!
  rake
  rb-inotify
  ruby-prof
