PATH
  remote: /home/arne/github/slippery
  specs:
    slippery (0.1.0)
      hexp (~> 0.0)
      kramdown (~> 1.1)
      rake (~> 10.1)
      rb-inotify

GEM
  remote: https://rubygems.org/
  specs:
    coderay (1.1.0)
    equalizer (0.0.9)
    ffi (1.9.3)
    hexp (0.3.1)
      equalizer (~> 0.0)
      ice_nine (~> 0.9)
      nokogiri (~> 1.6)
      sass (~> 3.2)
    ice_nine (0.11.0)
    kramdown (1.3.2)
    method_source (0.8.2)
    mini_portile (0.5.2)
    nokogiri (1.6.1)
      mini_portile (~> 0.5.0)
    pry (0.9.12.6)
      coderay (~> 1.0)
      method_source (~> 0.8)
      slop (~> 3.4)
    rake (10.1.1)
    rb-inotify (0.9.3)
      ffi (>= 0.5.0)
    sass (3.2.14)
    slop (3.4.7)

PLATFORMS
  ruby

DEPENDENCIES
  pry
  rake
  slippery!
