PATH
  remote: /home/arne/github/hexp
  specs:
    hexp (0.3.3)
      equalizer (~> 0.0)
      ice_nine (~> 0.9)
      nokogiri (~> 1.6)
      sass (~> 3.2.19)

PATH
  remote: /home/arne/github/slippery
  specs:
    slippery (0.3.0)
      asset_packer (~> 0.1.0)
      concord (~> 0.1.4)
      hexp (~> 0.3.3)
      kramdown (~> 1.1)
      listen (~> 2.7)
      rake (~> 10.1)

GEM
  remote: https://rubygems.org/
  specs:
    adamantium (0.2.0)
      ice_nine (~> 0.11.0)
      memoizable (~> 0.4.0)
    asset_packer (0.1.0)
      hexp (~> 0.3.3)
      mime-types (~> 2.2)
    celluloid (0.16.0)
      timers (~> 4.0.0)
    concord (0.1.5)
      adamantium (~> 0.2.0)
      equalizer (~> 0.0.9)
    equalizer (0.0.9)
    ffi (1.9.3)
    hitimes (1.2.2)
    ice_nine (0.11.0)
    kramdown (1.4.1)
    listen (2.7.9)
      celluloid (>= 0.15.2)
      rb-fsevent (>= 0.9.3)
      rb-inotify (>= 0.9)
    memoizable (0.4.2)
      thread_safe (~> 0.3, >= 0.3.1)
    mime-types (2.3)
    mini_portile (0.6.0)
    nokogiri (1.6.3.1)
      mini_portile (= 0.6.0)
    rake (10.3.2)
    rb-fsevent (0.9.4)
    rb-inotify (0.9.5)
      ffi (>= 0.5.0)
    sass (3.2.19)
    thread_safe (0.3.4)
    timers (4.0.0)
      hitimes

PLATFORMS
  ruby

DEPENDENCIES
  hexp!
  slippery!
