PATH
  remote: /home/arne/github/slippery
  specs:
    slippery (0.0.3)
      hexp (~> 0.0)
      kramdown (~> 1.1)
      rb-inotify

GEM
  remote: https://rubygems.org/
  specs:
    equalizer (0.0.9)
    ffi (1.9.3)
    hexp (0.3.1)
      equalizer (~> 0.0)
      ice_nine (~> 0.9)
      nokogiri (~> 1.6)
      sass (~> 3.2)
    ice_nine (0.11.0)
    kramdown (1.3.2)
    mini_portile (0.5.2)
    nokogiri (1.6.1)
      mini_portile (~> 0.5.0)
    rake (10.1.1)
    rb-inotify (0.9.3)
      ffi (>= 0.5.0)
    sass (3.2.14)

PLATFORMS
  ruby

DEPENDENCIES
  rake
  slippery!
