GEM
  remote: https://api.rubygems.org/
  specs:
    adamantium (0.2.0)
      bundler (~> 1.5, >= 1.5.2)
      ice_nine (~> 0.11.0)
      memoizable (~> 0.4.0)
    asset_packer (0.3.1)
      hexp (~> 0.4.6)
      mime-types (~> 2.2)
      mutant-rspec
      rake (~> 10.2)
      rspec
      rspec-its
    celluloid (0.16.0)
      benchmark_suite
      guard-rspec
      rake
      rspec (~> 2.14.1)
      rubocop
      timers (~> 4.0.0)
    concord (0.1.5)
      adamantium (~> 0.2.0)
      equalizer (~> 0.0.9)
    equalizer (0.0.11)
      bundler (~> 1.3, >= 1.3.5)
    ffi (1.9.8)
      rake (~> 10.1)
      rake-compiler (~> 0.9)
      rspec (~> 2.14.1)
      rubygems-tasks (~> 0.2.4)
    hexp (0.4.6)
      benchmark_suite
      concord (~> 0.0)
      equalizer (~> 0.0)
      mutant-rspec
      nokogiri (~> 1.6)
      rake
      rspec (~> 3.1)
      rspec-its
    hexp-kramdown (0.9.2)
      hexp (>= 0.3)
      kramdown (>= 1.4)
    hitimes (1.2.2)
      json (~> 1.7.7)
      minitest (~> 5.3)
      rake (~> 10.0)
      rake-compiler (~> 0.9)
      rdoc (~> 4.1)
    ice_nine (0.11.1)
      bundler (~> 1.6, >= 1.6.1)
    kramdown (1.6.0)
      coderay (~> 1.0.0)
      itextomml (~> 1.5)
      minitest (~> 5.0)
      prawn (~> 2.0)
      ritex (~> 1.0)
      rouge (~> 1.8)
      stringex (~> 1.5.1)
    listen (2.10.0)
      bundler (>= 1.3.5)
      celluloid (~> 0.16.0)
      rb-fsevent (>= 0.9.3)
      rb-inotify (>= 0.9)
    memoizable (0.4.2)
      bundler (~> 1.5, >= 1.5.3)
      thread_safe (~> 0.3, >= 0.3.1)
    mime-types (2.4.3)
      coveralls (~> 0.7)
      hoe (~> 3.12)
      hoe-doofus (~> 1.0)
      hoe-gemspec2 (~> 1.1)
      hoe-git (~> 1.6)
      hoe-rubygems (~> 1.0)
      hoe-travis (~> 1.2)
      minitest (~> 5.3)
      rake (~> 10.0)
      rdoc (~> 4.0)
      simplecov (~> 0.7)
    mini_portile (0.6.2)
    nokogiri (1.6.6.2)
      hoe (~> 3.13)
      hoe-bundler (>= 1.1)
      hoe-debugging (~> 1.2.0)
      hoe-gemspec (>= 1.0)
      hoe-git (>= 1.4)
      mini_portile (~> 0.6.0)
      minitest (~> 2.2.2)
      racc (>= 1.4.6)
      rake (>= 0.9)
      rake-compiler (~> 0.9.2)
      rdoc (~> 4.0)
      rexical (>= 1.0.5)
    rake (10.4.2)
      hoe (~> 3.13)
      minitest (~> 5.4)
      rdoc (~> 4.0)
    rb-fsevent (0.9.4)
      bundler (~> 1.0)
      guard-rspec (~> 4.2)
      rspec (~> 2.11)
    rb-inotify (0.9.5)
      ffi (>= 0.5.0)
      yard (>= 0.4.0)
    slippery (0.4.1)
      asset_packer (~> 0.3.0)
      concord (~> 0.1.4)
      hexp (~> 0.4.6)
      hexp-kramdown (> 0)
      kramdown (~> 1.1)
      listen (~> 2.7)
      mutant-rspec
      rake (~> 10.1)
      rspec
    thread_safe (0.3.5)
      atomic (= 1.1.16)
      minitest (>= 4)
      rake
    timers (4.0.1)
      hitimes
      rake
      rspec (~> 3.0.0)

PLATFORMS
  ruby

DEPENDENCIES
  adamantium (~> 0.2.0)
  asset_packer (~> 0.3.0)
  celluloid (~> 0.16.0)
  concord (~> 0.1.4)
  equalizer (~> 0.0)
  ffi (>= 0.5.0)
  hexp (~> 0.4.6)
  hexp-kramdown (> 0)
  hitimes
  ice_nine (~> 0.11.0)
  kramdown (~> 1.1)
  listen (~> 2.7)
  memoizable (~> 0.4.0)
  mime-types (~> 2.2)
  mini_portile (~> 0.6.0)
  nokogiri (~> 1.6)
  rake (~> 10.1)
  rb-fsevent (>= 0.9.3)
  rb-inotify (>= 0.9)
  slippery (= 0.4.1)
  thread_safe (~> 0.3, >= 0.3.1)
  timers (~> 4.0.0)
