GEM
  remote: https://rubygems.org/
  specs:
    adamantium (0.2.0)
      ice_nine (~> 0.11.0)
      memoizable (~> 0.4.0)
    asset_packer (0.3.1)
      hexp (~> 0.4.6)
      mime-types (~> 2.2)
    celluloid (0.16.0)
      timers (~> 4.0.0)
    concord (0.1.5)
      adamantium (~> 0.2.0)
      equalizer (~> 0.0.9)
    equalizer (0.0.11)
    ffi (1.9.8)
    hexp (0.4.6)
      concord (~> 0.0)
      equalizer (~> 0.0)
      nokogiri (~> 1.6)
    hexp-kramdown (0.9.2)
      hexp (>= 0.3)
      kramdown (>= 1.4)
    hitimes (1.2.2)
    ice_nine (0.11.1)
    kramdown (1.7.0)
    listen (2.10.0)
      celluloid (~> 0.16.0)
      rb-fsevent (>= 0.9.3)
      rb-inotify (>= 0.9)
    memoizable (0.4.2)
      thread_safe (~> 0.3, >= 0.3.1)
    mime-types (2.6.1)
    mini_portile2 (2.5.1)
    nokogiri (1.11.4)
      mini_portile2 (~> 2.5.0)
      racc (~> 1.4)
    racc (1.5.2)
    rake (10.4.2)
    rb-fsevent (0.9.5)
    rb-inotify (0.9.5)
      ffi (>= 0.5.0)
    slippery (0.4.1)
      asset_packer (~> 0.3.0)
      concord (~> 0.1.4)
      hexp (~> 0.4.6)
      hexp-kramdown (> 0)
      kramdown (~> 1.1)
      listen (~> 2.7)
      rake (~> 10.1)
    thread_safe (0.3.5)
    timers (4.0.1)
      hitimes

PLATFORMS
  ruby

DEPENDENCIES
  slippery (= 0.4.1)
