PATH
  remote: /home/arne/github/mdpress
  specs:
    mdpress (0.0.14)
      hexp
      launchy
      nokogiri
      redcarpet

GEM
  remote: https://rubygems.org/
  specs:
    adamantium (0.0.7)
      backports (~> 3.0, >= 3.0.3)
      ice_nine (~> 0.7.0)
    addressable (2.3.4)
    backports (3.3.1)
    equalizer (0.0.5)
      adamantium (~> 0.0.6)
      backports (~> 3.0, >= 3.0.3)
    ffi (1.8.1)
    hexp (0.0.1.pre3)
      equalizer (~> 0.0.5)
      ice_nine (~> 0.7.0)
      nokogiri (~> 1.5.9)
    ice_nine (0.7.0)
    launchy (2.3.0)
      addressable (~> 2.3)
    nokogiri (1.5.9)
    rake (10.0.4)
    rb-inotify (0.9.0)
      ffi (>= 0.5.0)
    redcarpet (2.3.0)

PLATFORMS
  ruby

DEPENDENCIES
  mdpress!
  rake
  rb-inotify
