GIT
  remote: https://github.com/plexus/mdpress.git
  revision: 2acb0ab0b3407c301f8ee7c8f2be11f0c1d1c591
  branch: rulu2013
  specs:
    mdpress (0.0.14)
      hexp
      launchy
      nokogiri
      redcarpet

GEM
  remote: https://rubygems.org/
  specs:
    adamantium (0.2.0)
      ice_nine (~> 0.11.0)
      memoizable (~> 0.4.0)
    addressable (2.8.1)
      public_suffix (>= 2.0.2, < 6.0)
    concord (0.1.6)
      adamantium (~> 0.2.0)
      equalizer (~> 0.0.9)
    equalizer (0.0.11)
    ffi (1.8.1)
    hexp (0.4.6)
      concord (~> 0.0)
      equalizer (~> 0.0)
      nokogiri (~> 1.6)
    ice_nine (0.11.2)
    launchy (2.5.0)
      addressable (~> 2.7)
    memoizable (0.4.2)
      thread_safe (~> 0.3, >= 0.3.1)
    mini_portile2 (2.8.0)
    nokogiri (1.13.9)
      mini_portile2 (~> 2.8.0)
      racc (~> 1.4)
    public_suffix (5.0.0)
    racc (1.6.0)
    rainbow (1.1.4)
    rake (10.0.4)
    rb-inotify (0.9.0)
      ffi (>= 0.5.0)
    redcarpet (3.5.1)
    thread_safe (0.3.6)

PLATFORMS
  ruby

DEPENDENCIES
  mdpress!
  rainbow
  rake
  rb-inotify
