GIT
  remote: git://github.com/plexus/mdpress.git
  revision: 2acb0ab0b3407c301f8ee7c8f2be11f0c1d1c591
  branch: rulu2013
  specs:
    mdpress (0.0.14)
      hexp
      launchy
      nokogiri
      redcarpet

GEM
  remote: https://rubygems.org/
  specs:
    adamantium (0.0.7)
      backports (~> 3.0, >= 3.0.3)
      ice_nine (~> 0.7.0)
    addressable (2.3.4)
    backports (3.3.2)
    equalizer (0.0.5)
      adamantium (~> 0.0.6)
      backports (~> 3.0, >= 3.0.3)
    ffi (1.8.1)
    hexp (0.0.1)
      equalizer (~> 0.0.5)
      ice_nine (~> 0.7.0)
      nokogiri (~> 1.5.9)
    ice_nine (0.7.0)
    launchy (2.3.0)
      addressable (~> 2.3)
    nokogiri (1.5.10)
    rainbow (1.1.4)
    rake (10.0.4)
    rb-inotify (0.9.0)
      ffi (>= 0.5.0)
    redcarpet (2.3.0)

PLATFORMS
  ruby

DEPENDENCIES
  mdpress!
  rainbow
  rake
  rb-inotify
